GEM
  remote: https://rubygems.org/
  specs:
    clockwork (2.0.3)
      tzinfo
    foreman (0.85.0)
      thor (~> 0.19.1)
    thor (0.19.4)
    thread_safe (0.3.6)
    tzinfo (1.2.5)
      thread_safe (~> 0.1)

PLATFORMS
  ruby

DEPENDENCIES
  clockwork
  foreman
  tzinfo

BUNDLED WITH
   1.16.2
